GEM
  remote: http://rubygems.org/
  specs:
    activesupport (3.1.3)
      multi_json (~> 1.0)
    coffee-script (2.2.0)
      coffee-script-source
      execjs
    coffee-script-source (1.2.0)
    commonjs (0.2.0)
      therubyracer (~> 0.9.9)
    execjs (1.2.13)
      multi_json (~> 1.0)
    haml (3.1.4)
    hike (1.2.1)
    i18n (0.6.0)
    less (2.0.8)
      commonjs (~> 0.2.0)
      therubyracer (~> 0.9.9)
    libv8 (3.3.10.4)
    multi_json (1.0.4)
    rack (1.4.0)
    rack-protection (1.2.0)
      rack
    rinku (1.5.0)
    sinatra (1.3.2)
      rack (~> 1.3, >= 1.3.6)
      rack-protection (~> 1.2)
      tilt (~> 1.3, >= 1.3.3)
    sprockets (2.3.0)
      hike (~> 1.2)
      multi_json (~> 1.0)
      rack (~> 1.0)
      tilt (~> 1.1, != 1.3.0)
    sprockets-helpers (0.2.1)
      sprockets (~> 2.0)
    therubyracer (0.9.9)
      libv8 (~> 3.3.10)
    tilt (1.3.3)

PLATFORMS
  ruby

DEPENDENCIES
  activesupport (~> 3.1.3)
  coffee-script (~> 2.2.0)
  haml (~> 3.1.4)
  i18n (~> 0.6.0)
  less (~> 2.0.8)
  rinku (~> 1.5.0)
  sinatra (~> 1.3.2)
  sprockets (~> 2.3.0)
  sprockets-helpers (~> 0.2.1)
